GEM
  remote: http://rubygems.org/
  specs:
    RedCloth (4.2.3)
    actionmailer (3.2.17)
      actionpack (= 3.2.17)
      mail (~> 2.5.4)
    actionpack (3.2.17)
      activemodel (= 3.2.17)
      activesupport (= 3.2.17)
      builder (~> 3.0.0)
      erubis (~> 2.7.0)
      journey (~> 1.0.4)
      rack (~> 1.4.5)
      rack-cache (~> 1.2)
      rack-test (~> 0.6.1)
      sprockets (~> 2.2.1)
    activemodel (3.2.17)
      activesupport (= 3.2.17)
      builder (~> 3.0.0)
    activerecord (3.2.17)
      activemodel (= 3.2.17)
      activesupport (= 3.2.17)
      arel (~> 3.0.2)
      tzinfo (~> 0.3.29)
    activeresource (3.2.17)
      activemodel (= 3.2.17)
      activesupport (= 3.2.17)
    activesupport (3.2.17)
      i18n (~> 0.6, >= 0.6.4)
      multi_json (~> 1.0)
    arel (3.0.3)
    builder (3.0.4)
    concurrent-ruby (1.1.10)
    erubis (2.7.0)
    factory_girl (1.3.1)
    factory_girl_rails (1.0)
      factory_girl (~> 1.3)
      rails (>= 3.0.0.beta4)
    hike (1.2.3)
    i18n (0.9.5)
      concurrent-ruby (~> 1.0)
    journey (1.0.4)
    json (1.8.6)
    mail (2.5.5)
      mime-types (~> 1.16)
      treetop (~> 1.4.8)
    mime-types (1.25.1)
    multi_json (1.15.0)
    pg (0.9.0)
    polyglot (0.3.5)
    prawn (0.8.4)
      prawn-core (>= 0.8.4, < 0.9)
      prawn-layout (>= 0.8.4, < 0.9)
      prawn-security (>= 0.8.4, < 0.9)
    prawn-core (0.8.4)
    prawn-layout (0.8.4)
    prawn-security (0.8.4)
    rack (1.4.7)
    rack-cache (1.13.0)
      rack (>= 0.4)
    rack-ssl (1.3.4)
      rack
    rack-test (0.6.3)
      rack (>= 1.0)
    rails (3.2.17)
      actionmailer (= 3.2.17)
      actionpack (= 3.2.17)
      activerecord (= 3.2.17)
      activeresource (= 3.2.17)
      activesupport (= 3.2.17)
      bundler (~> 1.0)
      railties (= 3.2.17)
    railties (3.2.17)
      actionpack (= 3.2.17)
      activesupport (= 3.2.17)
      rack-ssl (~> 1.3.2)
      rake (>= 0.8.7)
      rdoc (~> 3.4)
      thor (>= 0.14.6, < 2.0)
    rake (13.0.6)
    rdoc (3.12.2)
      json (~> 1.4)
    sprockets (2.2.3)
      hike (~> 1.2)
      multi_json (~> 1.0)
      rack (~> 1.0)
      tilt (~> 1.1, != 1.3.0)
    sqlite3-ruby (1.3.1)
    thor (1.2.1)
    tilt (1.4.1)
    treetop (1.4.15)
      polyglot
      polyglot (>= 0.3.1)
    tzinfo (0.3.60)

PLATFORMS
  ruby

DEPENDENCIES
  RedCloth
  factory_girl_rails
  pg
  prawn
  rails (= 3.2.17)
  sqlite3-ruby
